GEM
  remote: http://rubygems.org/
  specs:
    albino (1.3.3)
      posix-spawn (>= 0.3.6)
    coderay (0.9.8)
    coffee-script (2.2.0)
      coffee-script-source
      execjs
    coffee-script-source (1.1.2)
    colorize (0.5.8)
    daemons (1.1.4)
    diff-lcs (1.1.2)
    eventmachine (0.12.10)
    execjs (1.2.4)
      multi_json (~> 1.0)
    fezzik (0.4.2)
      colorize (>= 0.5.8)
      rake (~> 0.8.7)
      rake-remote_task (~> 2.0.2)
    grit (2.4.1)
      diff-lcs (~> 1.1)
      mime-types (~> 1.15)
    i18n (0.6.0)
    mail (2.3.0)
      i18n (>= 0.4.0)
      mime-types (~> 1.16)
      treetop (~> 1.4.8)
    method_source (0.6.0)
      ruby_parser (>= 2.0.5)
    mime-types (1.16)
    minitest (2.4.0)
    mocha (0.9.12)
    multi_json (1.0.3)
    mysql (2.8.1)
    nokogiri (1.5.0)
    open4 (0.9.6)
    polyglot (0.3.2)
    pony (1.3)
      mail (> 2.0)
    posix-spawn (0.3.6)
    pry (0.9.3)
      coderay (>= 0.9.8)
      method_source (>= 0.6.0)
      ruby_parser (>= 2.0.5)
      slop (~> 1.9.0)
    rack (1.3.2)
    rack-test (0.6.1)
      rack (>= 1.0)
    rake (0.8.7)
    rake-remote_task (2.0.4)
      open4 (~> 0.9.0)
      rake (~> 0.8)
    redcarpet (1.17.2)
    rerun (0.6.2)
    ruby-openid (2.1.8)
    ruby_parser (2.0.6)
      sexp_processor (~> 3.0)
    scope (0.2.2)
      minitest
    sequel (3.26.0)
    sexp_processor (3.0.5)
    sinatra (1.2.6)
      rack (~> 1.1)
      tilt (>= 1.2.2, < 2.0)
    slop (1.9.1)
    sqlite3 (1.3.4)
    sqlite3-ruby (1.3.3)
      sqlite3 (>= 1.3.3)
    thin (1.2.11)
      daemons (>= 1.0.9)
      eventmachine (>= 0.12.6)
      rack (>= 1.0.0)
    tilt (1.3.2)
    treetop (1.4.10)
      polyglot
      polyglot (>= 0.3.1)

PLATFORMS
  ruby

DEPENDENCIES
  albino
  coffee-script
  fezzik
  grit
  mocha
  mysql
  nokogiri
  pony
  pry
  rack-test
  redcarpet
  rerun
  ruby-openid
  scope
  sequel
  sinatra
  sqlite3-ruby
  thin
  tilt
