GIT
  remote: http://github.com/ooyala/grit.git
  revision: 72801d28dbf288b4296f5024eb8d1c4f9239508f
  specs:
    grit (2.4.1)
      diff-lcs (~> 1.1)
      mime-types (~> 1.15)
      posix-spawn (~> 0.3.6)

GEM
  remote: http://rubygems.org/
  specs:
    addressable (2.2.6)
    blankslate (2.1.2.4)
    clockwork (0.2.4)
    coderay (0.9.8)
    coffee-script (2.2.0)
      coffee-script-source
      execjs
    coffee-script-source (1.1.2)
    colorize (0.5.8)
    commonjs (0.2.0)
      therubyracer (~> 0.9.9)
    daemons (1.1.4)
    diff-lcs (1.1.2)
    eventmachine (0.12.10)
    execjs (1.2.4)
      multi_json (~> 1.0)
    fezzik (0.4.2)
      colorize (>= 0.5.8)
      rake (~> 0.8.7)
      rake-remote_task (~> 2.0.2)
    ffi (1.0.9)
    foreman (0.36.1)
      term-ansicolor (~> 1.0.7)
      thor (>= 0.13.6)
    i18n (0.6.0)
    json (1.5.3)
    less (2.0.9)
      commonjs (~> 0.2.0)
      therubyracer (~> 0.9.9)
    libv8 (3.3.10.4)
    mail (2.3.0)
      i18n (>= 0.4.0)
      mime-types (~> 1.16)
      treetop (~> 1.4.8)
    method_source (0.6.0)
      ruby_parser (>= 2.0.5)
    methodchain (0.4.2)
    mime-types (1.16)
    minitest (2.4.0)
    multi_json (1.0.3)
    mysql (2.8.1)
    nokogiri (1.5.0)
    open4 (0.9.6)
    polyglot (0.3.2)
    pony (1.3)
      mail (> 2.0)
    posix-spawn (0.3.6)
    pry (0.9.3)
      coderay (>= 0.9.8)
      method_source (>= 0.6.0)
      ruby_parser (>= 2.0.5)
      slop (~> 1.9.0)
    pygments.rb (0.2.1)
      rubypython (>= 0.5.1)
    rack (1.3.2)
    rack-test (0.6.1)
      rack (>= 1.0)
    rake (0.8.7)
    rake-remote_task (2.0.4)
      open4 (~> 0.9.0)
      rake (~> 0.8)
    redcarpet (2.0.0b3)
    redis (2.2.2)
    redis-namespace (1.0.3)
      redis (< 3.0.0)
    rerun (0.6.2)
    resque (1.19.0)
      multi_json (~> 1.0)
      redis-namespace (~> 1.0.2)
      sinatra (>= 0.9.2)
      vegas (~> 0.1.2)
    rr (1.0.3)
    ruby-openid (2.1.8)
    ruby_parser (2.0.6)
      sexp_processor (~> 3.0)
    rubypython (0.5.1)
      blankslate (>= 2.1.2.3)
      ffi (~> 1.0.7)
    scope (0.2.3)
      minitest
    sequel (3.26.0)
    sexp_processor (3.0.5)
    sinatra (1.2.6)
      rack (~> 1.1)
      tilt (>= 1.2.2, < 2.0)
    slop (1.9.1)
    sqlite3 (1.3.4)
    sqlite3-ruby (1.3.3)
      sqlite3 (>= 1.3.3)
    term-ansicolor (1.0.7)
    therubyracer (0.9.9)
      libv8 (~> 3.3.10)
    thin (1.2.11)
      daemons (>= 1.0.9)
      eventmachine (>= 0.12.6)
      rack (>= 1.0.0)
    thor (0.14.6)
    tilt (1.3.2)
    treetop (1.4.10)
      polyglot
      polyglot (>= 0.3.1)
    vegas (0.1.8)
      rack (>= 1.0.0)

PLATFORMS
  ruby

DEPENDENCIES
  addressable
  clockwork
  coffee-script
  daemons
  diff-lcs
  fezzik
  foreman
  grit!
  json
  less
  methodchain
  mysql
  nokogiri
  pony
  pry
  pygments.rb
  rack
  rack-test
  rake
  redcarpet (= 2.0.0b3)
  redis
  rerun
  resque
  rr (>= 1.0.3)
  ruby-openid
  scope (>= 0.2.3)
  sequel
  sinatra
  sqlite3-ruby
  thin
  tilt
