GIT
  remote: http://github.com/ooyala/grit.git
  revision: bf141c49c392781a3a683c06b77d8c3b782e7985
  ref: bf141c49c392781a3a683c06b77d8c3b782e7985
  specs:
    grit (2.4.1)
      diff-lcs (~> 1.1)
      mime-types (~> 1.15)
      posix-spawn (~> 0.3.6)

GEM
  remote: http://rubygems.org/
  specs:
    addressable (2.2.6)
    archive-tar-minitar (0.5.2)
    awesome_print (1.0.2)
    blankslate (2.1.2.4)
    childprocess (0.3.1)
      ffi (~> 1.0.6)
    clockwork (0.2.4)
    coderay (0.9.8)
    coffee-script (2.2.0)
      coffee-script-source
      execjs
    coffee-script-source (1.1.2)
    colorize (0.5.8)
    daemons (1.1.4)
    dedent (0.0.2)
    diff-lcs (1.1.3)
    erubis (2.7.0)
    eventmachine (0.12.10)
    execjs (1.2.4)
      multi_json (~> 1.0)
    fezzik (0.6.2)
      colorize (>= 0.5.8)
      rake (~> 0.8.7)
      rake-remote_task (~> 2.0.2)
    ffi (1.0.9)
    foreman (0.41.0)
      thor (>= 0.13.6)
    i18n (0.6.0)
    json (1.5.3)
    log4r (1.1.10)
    mail (2.3.0)
      i18n (>= 0.4.0)
      mime-types (~> 1.16)
      treetop (~> 1.4.8)
    method_source (0.6.0)
      ruby_parser (>= 2.0.5)
    methodchain (0.4.2)
    mime-types (1.17.2)
    minitest (2.4.0)
    multi_json (1.1.0)
    mysql (2.8.1)
    net-scp (1.0.4)
      net-ssh (>= 1.99.1)
    net-ssh (2.2.2)
    nokogiri (1.5.0)
    open4 (1.3.0)
    pathological (0.2.4)
    polyglot (0.3.2)
    pony (1.3)
      mail (> 2.0)
    posix-spawn (0.3.6)
    pry (0.9.3)
      coderay (>= 0.9.8)
      method_source (>= 0.6.0)
      ruby_parser (>= 2.0.5)
      slop (~> 1.9.0)
    pygments.rb (0.2.1)
      rubypython (>= 0.5.1)
    rack (1.4.1)
    rack-protection (1.2.0)
      rack
    rack-test (0.6.1)
      rack (>= 1.0)
    rake (0.8.7)
    rake-remote_task (2.0.6)
      open4 (~> 1.0)
      rake (~> 0.8)
    redcarpet (2.0.0b3)
    redis (2.2.2)
    redis-namespace (1.0.3)
      redis (< 3.0.0)
    rerun (0.6.2)
    resque (1.20.0)
      multi_json (~> 1.0)
      redis-namespace (~> 1.0.2)
      sinatra (>= 0.9.2)
      vegas (~> 0.1.2)
    rr (1.0.3)
    ruby-openid (2.1.8)
    ruby_parser (2.0.6)
      sexp_processor (~> 3.0)
    rubypython (0.5.1)
      blankslate (>= 2.1.2.3)
      ffi (~> 1.0.7)
    sass (3.1.12)
    scope (0.2.3)
      minitest
    sequel (3.26.0)
    sexp_processor (3.0.5)
    sinatra (1.3.2)
      rack (~> 1.3, >= 1.3.6)
      rack-protection (~> 1.2)
      tilt (~> 1.3, >= 1.3.3)
    slop (1.9.1)
    terraform (0.0.1)
    thin (1.2.11)
      daemons (>= 1.0.9)
      eventmachine (>= 0.12.6)
      rack (>= 1.0.0)
    thor (0.14.6)
    tilt (1.3.3)
    treetop (1.4.10)
      polyglot
      polyglot (>= 0.3.1)
    vagrant (1.0.1)
      archive-tar-minitar (= 0.5.2)
      childprocess (~> 0.3.1)
      erubis (~> 2.7.0)
      i18n (~> 0.6.0)
      json (~> 1.5.1)
      log4r (~> 1.1.9)
      net-scp (~> 1.0.4)
      net-ssh (~> 2.2.2)
    vegas (0.1.11)
      rack (>= 1.0.0)

PLATFORMS
  ruby

DEPENDENCIES
  addressable
  awesome_print
  clockwork
  coffee-script
  dedent
  diff-lcs
  fezzik
  foreman
  grit!
  json
  methodchain
  mysql
  nokogiri
  pathological
  pony
  pry
  pygments.rb
  rack
  rack-test
  rake
  redcarpet (= 2.0.0b3)
  redis
  rerun
  resque
  rr (>= 1.0.3)
  ruby-openid
  sass
  scope (>= 0.2.3)
  sequel
  sinatra (~> 1.3.2)
  terraform
  thin
  tilt
  vagrant
