GEM
  remote: http://rubygems.org/
  specs:
    albino (1.3.3)
      posix-spawn (>= 0.3.6)
    coffee-script (2.2.0)
      coffee-script-source
      execjs
    coffee-script-source (1.1.1)
    daemons (1.1.4)
    diff-lcs (1.1.2)
    eventmachine (0.12.10)
    execjs (1.2.0)
      multi_json (~> 1.0)
    grit (2.4.1)
      diff-lcs (~> 1.1)
      mime-types (~> 1.15)
    mime-types (1.16)
    multi_json (1.0.3)
    posix-spawn (0.3.6)
    rack (1.3.1)
    rerun (0.6.2)
    sequel (3.25.0)
    sinatra (1.2.6)
      rack (~> 1.1)
      tilt (>= 1.2.2, < 2.0)
    sqlite3 (1.3.3)
    sqlite3-ruby (1.3.3)
      sqlite3 (>= 1.3.3)
    thin (1.2.11)
      daemons (>= 1.0.9)
      eventmachine (>= 0.12.6)
      rack (>= 1.0.0)
    tilt (1.3.2)

PLATFORMS
  ruby

DEPENDENCIES
  albino
  coffee-script
  grit
  rerun
  sequel
  sinatra
  sqlite3-ruby
  thin
